PATH
  remote: .
  specs:
    biodiversity (3.1.3)
      bundler (~> 1.3)
      debugger (~> 1.6)
      parallel (~> 0.7)
      rake (~> 10.1)
      rr (~> 1.1)
      rspec (~> 2.14)
      treetop (~> 1.4)
      unicode_utils (~> 1.4)

GEM
  remote: https://rubygems.org/
  specs:
    columnize (0.3.6)
    debugger (1.6.1)
      columnize (>= 0.3.1)
      debugger-linecache (~> 1.2.0)
      debugger-ruby_core_source (~> 1.2.3)
    debugger-linecache (1.2.0)
    debugger-ruby_core_source (1.2.3)
    diff-lcs (1.2.4)
    parallel (0.7.1)
    polyglot (0.3.3)
    rake (10.1.0)
    rr (1.1.2)
    rspec (2.14.1)
      rspec-core (~> 2.14.0)
      rspec-expectations (~> 2.14.0)
      rspec-mocks (~> 2.14.0)
    rspec-core (2.14.5)
    rspec-expectations (2.14.2)
      diff-lcs (>= 1.1.3, < 2.0)
    rspec-mocks (2.14.3)
    treetop (1.4.15)
      polyglot
      polyglot (>= 0.3.1)
    unicode_utils (1.4.0)

PLATFORMS
  ruby

DEPENDENCIES
  biodiversity!
